GEM
  remote: http://rubygems.org/
  specs:
    addressable (2.2.7)
    foreman (0.19.0)
      term-ansicolor (~> 1.0.5)
      thor (>= 0.13.6)
    heroku (2.21.2)
      launchy (>= 0.3.2)
      rest-client (~> 1.6.1)
      rubyzip
      term-ansicolor (~> 1.0.5)
    json (1.6.5)
    launchy (2.0.5)
      addressable (~> 2.2.6)
    macaddr (1.5.0)
      systemu (>= 2.4.0)
    mime-types (1.17.2)
    rack (1.3.6)
    rack-protection (1.2.0)
      rack
    rake (0.9.2.2)
    redis (2.2.2)
    rest-client (1.6.7)
      mime-types (>= 1.16)
    rubyzip (0.9.6.1)
    sinatra (1.3.2)
      rack (~> 1.3, >= 1.3.6)
      rack-protection (~> 1.2)
      tilt (~> 1.3, >= 1.3.3)
    sinatra-flash (0.3.0)
      sinatra (>= 1.0.0)
    systemu (2.4.2)
    term-ansicolor (1.0.7)
    thor (0.14.6)
    tilt (1.3.3)
    uuid (2.3.5)
      macaddr (~> 1.0)

PLATFORMS
  ruby

DEPENDENCIES
  foreman
  heroku
  json
  rack (<= 1.3.6)
  rake
  redis
  sinatra
  sinatra-flash
  uuid
